GEM
  remote: http://rubygems.org/
  specs:
    haml (5.2.2)
      temple (>= 0.8.0)
      tilt
    httparty (0.14.0)
      multi_xml (>= 0.5.2)
    multi_xml (0.6.0)
    mustermann (2.0.2)
      ruby2_keywords (~> 0.0.1)
    rack (2.2.4)
    rack-protection (2.2.2)
      rack
    ruby2_keywords (0.0.5)
    sinatra (2.2.2)
      mustermann (~> 2.0)
      rack (~> 2.2)
      rack-protection (= 2.2.2)
      tilt (~> 2.0)
    temple (0.8.2)
    tilt (2.0.11)

PLATFORMS
  ruby

DEPENDENCIES
  haml (>= 5.0.0)
  httparty
  sinatra (>= 2.2.0)

BUNDLED WITH
   1.17.3
